GEM
  remote: https://rubygems.org/
  specs:
    json (2.2.0)
    mixlib-cli (1.7.0)
    ruby-dbus (0.11.0)
    sensu-plugin (4.0.0)
      json (< 3.0.0)
      mixlib-cli (~> 1.5)
    systemd-bindings (0.0.1.1)
      ruby-dbus (= 0.11.0)
    warning (0.10.1)

PLATFORMS
  ruby

DEPENDENCIES
  sensu-plugin
  systemd-bindings
  warning

BUNDLED WITH
   1.17.2
