GEM
  remote: https://rubygems.org/
  specs:
    dalli (2.7.10)
    json (1.8.6)
    mixlib-cli (1.7.0)
    sensu-plugin (1.4.7)
      json (< 2.0.0)
      mixlib-cli (~> 1.5)
    sensu-plugins-memcached (0.1.3)
      dalli (~> 2.7)
      sensu-plugin (~> 1.2)

PLATFORMS
  ruby

DEPENDENCIES
  sensu-plugins-memcached

BUNDLED WITH
   1.17.2
